GIT
  remote: git://github.com/zangzing/oauth-ruby.git
  revision: f892521f5073eed43a75bb4c3d80bc74dcf2d019
  specs:
    oauth (0.4.5.pre2)

GIT
  remote: git://github.com/zangzing/syslogger.git
  revision: d2157f929f2a38a01424089a68060e050d0f88c8
  specs:
    syslogger (1.2.5)

GEM
  remote: http://rubygems.org/
  specs:
    SystemTimer (1.2.2)
    abstract (1.0.0)
    actionmailer (3.0.3)
      actionpack (= 3.0.3)
      mail (~> 2.2.9)
    actionpack (3.0.3)
      activemodel (= 3.0.3)
      activesupport (= 3.0.3)
      builder (~> 2.1.2)
      erubis (~> 2.6.6)
      i18n (~> 0.4)
      rack (~> 1.2.1)
      rack-mount (~> 0.6.13)
      rack-test (~> 0.5.6)
      tzinfo (~> 0.3.23)
    activemodel (3.0.3)
      activesupport (= 3.0.3)
      builder (~> 2.1.2)
      i18n (~> 0.4)
    activerecord (3.0.3)
      activemodel (= 3.0.3)
      activesupport (= 3.0.3)
      arel (~> 2.0.2)
      tzinfo (~> 0.3.23)
    activerecord-import (0.2.5)
      activerecord (~> 3.0.0)
    activeresource (3.0.3)
      activemodel (= 3.0.3)
      activesupport (= 3.0.3)
    activesupport (3.0.3)
    addressable (2.2.4)
    arel (2.0.7)
    authlogic (2.1.6)
      activesupport
    aws-s3 (0.6.2)
      builder
      mime-types
      xml-simple
    babosa (0.2.2)
    bitly (0.6.1)
      crack (>= 0.1.4)
      httparty (>= 0.5.2)
      oauth2 (>= 0.1.1)
    browser (0.1.2)
    builder (2.1.2)
    closure-compiler (1.0.0)
    configuration (1.2.0)
    crack (0.1.8)
    diff-lcs (1.1.2)
    dynamic_form (1.1.3)
    erubis (2.6.6)
      abstract (>= 1.0.0)
    factory_girl (1.3.3)
    faker (0.9.5)
      i18n (~> 0.4)
    faraday (0.5.4)
      addressable (~> 2.2.2)
      multipart-post (~> 1.1.0)
      rack (< 2, >= 1.1.0)
    faraday_middleware (0.3.2)
      faraday (~> 0.5.4)
    flickraw (0.8.2)
      json (>= 1.1.1)
    friendly_id (3.1.8)
      babosa (~> 0.2.0)
    gdata (1.1.1)
    gibbon (0.1.2)
      httparty (> 0.6.0)
      json (> 1.4.0)
    git (1.2.5)
    hashie (1.0.0)
    httparty (0.7.3)
      crack (= 0.1.8)
    hyper-graph (0.3.1)
      json
    i18n (0.5.0)
    instagram (0.6.1)
      faraday (~> 0.5.4)
      faraday_middleware (~> 0.3.1)
      hashie (~> 1.0.0)
      multi_json (~> 0.0.5)
      ruby-hmac (~> 0.4.0)
    jammit (0.6.0)
      closure-compiler (>= 0.1.0)
      yui-compressor (>= 0.9.1)
    jeweler (1.5.2)
      bundler (~> 1.0.0)
      git (>= 1.2.5)
      rake
    json (1.5.1)
    json_pure (1.4.6)
    kgio (2.1.1)
    launchy (0.3.7)
      configuration (>= 0.0.5)
      rake (>= 0.8.1)
    mail (2.2.15)
      activesupport (>= 2.3.6)
      i18n (>= 0.4.0)
      mime-types (~> 1.16)
      treetop (~> 1.4.8)
    mechanize (1.0.0)
      nokogiri (>= 1.2.1)
    memcache-client (1.8.5)
    mime-types (1.16)
    multi_json (0.0.5)
    multipart-post (1.1.0)
    mysql2 (0.2.6)
    newrelic_rpm (2.13.4)
    nokogiri (1.4.4)
    oauth-plugin (0.4.0.pre4)
      oauth (>= 0.4.4)
    oauth2 (0.1.1)
      faraday (~> 0.5.0)
      multi_json (~> 0.0.4)
    polyglot (0.3.1)
    pony (1.1)
      mail (> 2.0)
    rack (1.2.1)
    rack-mount (0.6.13)
      rack (>= 1.0.0)
    rack-test (0.5.7)
      rack (>= 1.0)
    rails (3.0.3)
      actionmailer (= 3.0.3)
      actionpack (= 3.0.3)
      activerecord (= 3.0.3)
      activeresource (= 3.0.3)
      activesupport (= 3.0.3)
      bundler (~> 1.0)
      railties (= 3.0.3)
    railties (3.0.3)
      actionpack (= 3.0.3)
      activesupport (= 3.0.3)
      rake (>= 0.8.7)
      thor (~> 0.14.4)
    rake (0.9.2)
    redis (2.1.1)
    redis-namespace (0.8.0)
      redis (< 3.0.0)
    require_all (1.2.0)
    resque (1.9.10)
      json_pure (~> 1.4.0)
      redis-namespace (~> 0.8.0)
      sinatra (>= 0.9.2)
      vegas (~> 0.1.2)
    resque-retry (0.1.0)
      resque (>= 1.8.0)
      resque-scheduler (>= 1.8.0)
    resque-scheduler (1.9.8)
      redis (>= 2.0.1)
      resque (>= 1.8.0)
      rufus-scheduler
    rpm_contrib (1.0.13)
      newrelic_rpm (>= 2.13.1)
    rspec (2.4.0)
      rspec-core (~> 2.4.0)
      rspec-expectations (~> 2.4.0)
      rspec-mocks (~> 2.4.0)
    rspec-core (2.4.0)
    rspec-expectations (2.4.0)
      diff-lcs (~> 1.1.2)
    rspec-mocks (2.4.0)
    rspec-rails (2.4.1)
      actionpack (~> 3.0)
      activesupport (~> 3.0)
      railties (~> 3.0)
      rspec (~> 2.4.0)
    ruby-hmac (0.4.0)
    ruby-prof (0.9.2)
    rufus-scheduler (2.0.8)
      tzinfo (>= 0.3.23)
    selenium (0.0.3)
      jeweler
    selenium-client (1.2.18)
    sinatra (1.1.2)
      rack (~> 1.1)
      tilt (~> 1.2)
    thor (0.14.6)
    tilt (1.2.2)
    treetop (1.4.9)
      polyglot (>= 0.3.1)
    twitter_oauth (0.4.3)
      json (>= 1.1.9)
      mime-types (>= 1.16)
      oauth (>= 0.4.1)
    tzinfo (0.3.24)
    unicorn (3.3.1)
      kgio (~> 2.1)
      rack
    uuidtools (2.1.2)
    vegas (0.1.8)
      rack (>= 1.0.0)
    vpim (0.695)
    webrat (0.7.3)
      nokogiri (>= 1.2.0)
      rack (>= 1.0)
      rack-test (>= 0.5.3)
    will_paginate (3.0.pre2)
    xml-simple (1.0.14)
    yui-compressor (0.9.3)
    zip (2.0.2)

PLATFORMS
  ruby

DEPENDENCIES
  SystemTimer
  actionmailer
  activerecord-import (~> 0.2)
  authlogic (= 2.1.6)
  aws-s3 (>= 0.6.2)
  bitly
  browser
  bundler (>= 1.0.14)
  closure-compiler
  dynamic_form
  factory_girl
  faker
  flickraw (= 0.8.2)
  friendly_id (= 3.1.8)
  gdata (= 1.1.1)
  gibbon (= 0.1.2)
  hyper-graph (= 0.3.1)
  i18n
  instagram
  jammit
  launchy
  mechanize
  memcache-client
  mysql2
  nokogiri
  oauth (= 0.4.5.pre2)!
  oauth-plugin (>= 0.4.0.pre1)
  pony
  rails (= 3.0.3)
  redis (~> 2.1)
  require_all
  resque (= 1.9.10)
  resque-retry
  rpm_contrib
  rspec
  rspec-rails
  ruby-prof
  selenium
  selenium-client
  syslogger (= 1.2.5)!
  twitter_oauth
  unicorn
  uuidtools
  vpim
  webrat
  will_paginate (= 3.0.pre2)
  yui-compressor
  zip
