GIT
  remote: git://github.com/fidel/usesguid_migrations.git
  revision: 24eac9bd8e4fc9b790ac381e9dcb8677ebc37cfa
  specs:
    usesguid_migrations (1.0.4)
      activerecord (>= 2.3)
      usesguid

GIT
  remote: git://github.com/zangzing/oauth-ruby.git
  revision: f892521f5073eed43a75bb4c3d80bc74dcf2d019
  specs:
    oauth (0.4.5.pre2)

GIT
  remote: git://github.com/zangzing/usesguid.git
  revision: 9f688f1fb3ff56d021a2d1fca852a467e7dd2857
  specs:
    usesguid (1.0.0)

GEM
  remote: http://rubygems.org/
  specs:
    SystemTimer (1.2.1)
    abstract (1.0.0)
    actionmailer (3.0.3)
      actionpack (= 3.0.3)
      mail (~> 2.2.9)
    actionpack (3.0.3)
      activemodel (= 3.0.3)
      activesupport (= 3.0.3)
      builder (~> 2.1.2)
      erubis (~> 2.6.6)
      i18n (~> 0.4)
      rack (~> 1.2.1)
      rack-mount (~> 0.6.13)
      rack-test (~> 0.5.6)
      tzinfo (~> 0.3.23)
    activemodel (3.0.3)
      activesupport (= 3.0.3)
      builder (~> 2.1.2)
      i18n (~> 0.4)
    activerecord (3.0.3)
      activemodel (= 3.0.3)
      activesupport (= 3.0.3)
      arel (~> 2.0.2)
      tzinfo (~> 0.3.23)
    activeresource (3.0.3)
      activemodel (= 3.0.3)
      activesupport (= 3.0.3)
    activesupport (3.0.3)
    arel (2.0.6)
    authlogic (2.1.6)
      activesupport
    aws-s3 (0.6.2)
      builder
      mime-types
      xml-simple
    babosa (0.2.0)
    bitly (0.5.4)
      crack (>= 0.1.4)
      httparty (>= 0.5.2)
    builder (2.1.2)
    configuration (1.2.0)
    crack (0.1.8)
    diff-lcs (1.1.2)
    dynamic_form (1.1.3)
    erubis (2.6.6)
      abstract (>= 1.0.0)
    factory_girl (1.3.2)
    faker (0.3.1)
    flickraw (0.8.2)
      json (>= 1.1.1)
    friendly_id (3.1.8)
      babosa (~> 0.2.0)
    gdata (1.1.1)
    gemcutter (0.6.1)
    git (1.2.5)
    httparty (0.6.1)
      crack (= 0.1.8)
    hyper-graph (0.3.1)
      json
    i18n (0.5.0)
    jeweler (1.4.0)
      gemcutter (>= 0.1.0)
      git (>= 1.2.5)
      rubyforge (>= 2.0.0)
    json (1.4.6)
    json_pure (1.4.6)
    launchy (0.3.7)
      configuration (>= 0.0.5)
      rake (>= 0.8.1)
    mail (2.2.12)
      activesupport (>= 2.3.6)
      i18n (>= 0.4.0)
      mime-types (~> 1.16)
      treetop (~> 1.4.8)
    mechanize (1.0.0)
      nokogiri (>= 1.2.1)
    mime-types (1.16)
    mysql (2.8.1)
    newrelic_rpm (2.13.4)
    nokogiri (1.4.4)
    oauth-plugin (0.4.0.pre3)
      oauth (>= 0.4.4)
    paperclip (2.3.6)
      activerecord
      activesupport
    polyglot (0.3.1)
    rack (1.2.1)
    rack-mount (0.6.13)
      rack (>= 1.0.0)
    rack-test (0.5.6)
      rack (>= 1.0)
    rails (3.0.3)
      actionmailer (= 3.0.3)
      actionpack (= 3.0.3)
      activerecord (= 3.0.3)
      activeresource (= 3.0.3)
      activesupport (= 3.0.3)
      bundler (~> 1.0)
      railties (= 3.0.3)
    railties (3.0.3)
      actionpack (= 3.0.3)
      activesupport (= 3.0.3)
      rake (>= 0.8.7)
      thor (~> 0.14.4)
    rake (0.8.7)
    redis (2.1.1)
    redis-namespace (0.8.0)
      redis (< 3.0.0)
    resque (1.10.0)
      json (~> 1.4.6)
      redis-namespace (~> 0.8.0)
      sinatra (>= 0.9.2)
      vegas (~> 0.1.2)
    rpm_contrib (1.0.13)
      newrelic_rpm (>= 2.13.1)
    rspec (2.3.0)
      rspec-core (~> 2.3.0)
      rspec-expectations (~> 2.3.0)
      rspec-mocks (~> 2.3.0)
    rspec-core (2.3.0)
    rspec-expectations (2.3.0)
      diff-lcs (~> 1.1.2)
    rspec-mocks (2.3.0)
    rspec-rails (2.3.0)
      actionpack (~> 3.0)
      activesupport (~> 3.0)
      railties (~> 3.0)
      rspec (~> 2.3.0)
    rubyforge (2.0.4)
      json_pure (>= 1.1.7)
    selenium (0.0.3)
      jeweler
    selenium-client (1.2.18)
    sinatra (1.1.0)
      rack (~> 1.1)
      tilt (~> 1.1)
    thor (0.14.6)
    tilt (1.1)
    treetop (1.4.9)
      polyglot (>= 0.3.1)
    twitter_oauth (0.4.3)
      json (>= 1.1.9)
      mime-types (>= 1.16)
      oauth (>= 0.4.1)
    tzinfo (0.3.23)
    vegas (0.1.8)
      rack (>= 1.0.0)
    vpim (0.695)
    webrat (0.7.2)
      nokogiri (>= 1.2.0)
      rack (>= 1.0)
      rack-test (>= 0.5.3)
    will_paginate (3.0.pre2)
    xml-simple (1.0.12)
    zip (2.0.2)

PLATFORMS
  ruby

DEPENDENCIES
  SystemTimer
  actionmailer
  authlogic (= 2.1.6)
  aws-s3 (>= 0.6.2)
  bitly
  bundler (>= 1.0.7)
  dynamic_form
  factory_girl
  faker
  flickraw (= 0.8.2)
  friendly_id (~> 3.1)
  gdata (= 1.1.1)
  hyper-graph (= 0.3.1)
  i18n
  launchy
  mechanize
  mysql
  oauth (= 0.4.5.pre2)!
  oauth-plugin (>= 0.4.0.pre1)
  paperclip (= 2.3.6)
  rails (= 3.0.3)
  resque
  rpm_contrib
  rspec
  rspec-rails (>= 1.3.2)
  selenium
  selenium-client
  twitter_oauth
  usesguid!
  usesguid_migrations!
  vpim
  webrat
  will_paginate (= 3.0.pre2)
  zip
