GIT
  remote: git://github.com/zangzing/usesguid.git
  revision: 9f688f1fb3ff56d021a2d1fca852a467e7dd2857
  specs:
    usesguid (1.0.0)

GEM
  remote: http://rubygems.org/
  specs:
    SystemTimer (1.2)
    actionmailer (2.3.5)
      actionpack (= 2.3.5)
    actionpack (2.3.5)
      activesupport (= 2.3.5)
      rack (~> 1.0.0)
    activerecord (2.3.5)
      activesupport (= 2.3.5)
    activeresource (2.3.5)
      activesupport (= 2.3.5)
    activesupport (2.3.5)
    authlogic (2.1.5)
      activesupport
    aws-s3 (0.6.2)
      builder
      mime-types
      xml-simple
    builder (2.1.2)
    configuration (1.1.0)
    diff-lcs (1.1.2)
    factory_girl (1.3.2)
    faker (0.3.1)
    flickraw (0.8.2)
      json (>= 1.1.1)
    gdata (1.1.1)
    hyper-graph (0.3.1)
      json
    json (1.4.6)
    launchy (0.3.7)
      configuration (>= 0.0.5)
      rake (>= 0.8.1)
    mechanize (1.0.0)
      nokogiri (>= 1.2.1)
    mime-types (1.16)
    mysql (2.8.1)
    newrelic_rpm (2.13.3)
    nokogiri (1.4.3.1)
    oauth (0.4.1)
    oauth-plugin (0.3.14)
      oauth (>= 0.3.5)
    paperclip (2.3.1.1)
    rack (1.0.1)
    rack-test (0.5.6)
      rack (>= 1.0)
    rails (2.3.5)
      actionmailer (= 2.3.5)
      actionpack (= 2.3.5)
      activerecord (= 2.3.5)
      activeresource (= 2.3.5)
      activesupport (= 2.3.5)
      rake (>= 0.8.3)
    rake (0.8.7)
    redis (2.1.1)
    redis-namespace (0.8.0)
      redis (< 3.0.0)
    resque (1.10.0)
      json (~> 1.4.6)
      redis-namespace (~> 0.8.0)
      sinatra (>= 0.9.2)
      vegas (~> 0.1.2)
    rpm_contrib (1.0.13)
      newrelic_rpm (>= 2.13.1)
    rspec (2.0.1)
      rspec-core (~> 2.0.1)
      rspec-expectations (~> 2.0.1)
      rspec-mocks (~> 2.0.1)
    rspec-core (2.0.1)
    rspec-expectations (2.0.1)
      diff-lcs (>= 1.1.2)
    rspec-mocks (2.0.1)
      rspec-core (~> 2.0.1)
      rspec-expectations (~> 2.0.1)
    rspec-rails (2.0.1)
      rspec (~> 2.0.0)
    sinatra (1.0)
      rack (>= 1.0)
    twitter_oauth (0.4.3)
      json (>= 1.1.9)
      mime-types (>= 1.16)
      oauth (>= 0.4.1)
    usesguid_migrations (1.0.3)
      activerecord (>= 2.3)
      usesguid
    vegas (0.1.8)
      rack (>= 1.0.0)
    vpim (0.695)
    webrat (0.7.2)
      nokogiri (>= 1.2.0)
      rack (>= 1.0)
      rack-test (>= 0.5.3)
    will_paginate (2.3.12)
    xml-simple (1.0.12)

PLATFORMS
  ruby

DEPENDENCIES
  SystemTimer
  actionmailer
  authlogic (= 2.1.5)
  aws-s3 (>= 0.6.2)
  bundler (= 1.0.3)
  factory_girl
  faker
  flickraw (= 0.8.2)
  gdata (= 1.1.1)
  hyper-graph (= 0.3.1)
  launchy
  mechanize
  mysql
  oauth (= 0.4.1)
  oauth-plugin (= 0.3.14)
  paperclip (= 2.3.1.1)
  rails (= 2.3.5)
  resque
  rpm_contrib
  rspec
  rspec-rails (>= 1.3.2)
  twitter_oauth
  usesguid!
  usesguid_migrations
  vpim
  webrat
  will_paginate (= 2.3.12)
