GIT
  remote: git://github.com/zangzing/syslogger.git
  revision: 68bfd9fc9c367883ae0d884ddf16711059a65900
  specs:
    syslogger (1.2.6)

GEM
  remote: http://rubygems.org/
  specs:
    SystemTimer (1.2.2)
    addressable (2.2.6)
    daemons (1.1.4)
    diff-lcs (1.1.2)
    em-http-request (0.3.0)
      addressable (>= 2.0.0)
      escape_utils
      eventmachine (>= 0.12.9)
    escape_utils (0.2.4)
    eventmachine (0.12.10)
    json (1.6.3)
    rack (1.3.5)
    require_all (1.2.0)
    rspec (2.6.0)
      rspec-core (~> 2.6.0)
      rspec-expectations (~> 2.6.0)
      rspec-mocks (~> 2.6.0)
    rspec-core (2.6.4)
    rspec-expectations (2.6.0)
      diff-lcs (~> 1.1.2)
    rspec-mocks (2.6.0)
    thin (1.3.1)
      daemons (>= 1.0.9)
      eventmachine (>= 0.12.6)
      rack (>= 1.0.0)

PLATFORMS
  ruby

DEPENDENCIES
  SystemTimer
  em-http-request
  eventmachine
  json
  require_all
  rspec
  syslogger (= 1.2.6)!
  thin
